GEM
  remote: https://rubygems.org/
  specs:
    diff-lcs (1.3)
    kgio (2.11.3)
    mustermann (1.1.2)
      ruby2_keywords (~> 0.0.1)
    rack (2.2.3.1)
    rack-handlers (0.7.3)
      rack
    rack-protection (2.2.0)
      rack
    rack-test (0.6.3)
      rack (>= 1.0)
    raindrops (0.19.1)
    rspec (3.6.0)
      rspec-core (~> 3.6.0)
      rspec-expectations (~> 3.6.0)
      rspec-mocks (~> 3.6.0)
    rspec-core (3.6.0)
      rspec-support (~> 3.6.0)
    rspec-expectations (3.6.0)
      diff-lcs (>= 1.2.0, < 2.0)
      rspec-support (~> 3.6.0)
    rspec-mocks (3.6.0)
      diff-lcs (>= 1.2.0, < 2.0)
      rspec-support (~> 3.6.0)
    rspec-support (3.6.0)
    rspec_junit_formatter (0.6.0)
      rspec-core (>= 2, < 4, != 2.12.0)
    ruby2_keywords (0.0.5)
    sinatra (2.2.0)
      mustermann (~> 1.0)
      rack (~> 2.2)
      rack-protection (= 2.2.0)
      tilt (~> 2.0)
    tilt (2.0.11)
    unicorn (5.5.2)
      kgio (~> 2.6)
      raindrops (~> 0.7)
    unicorn-rails (2.2.1)
      rack
      unicorn

PLATFORMS
  ruby

DEPENDENCIES
  rack (= 2.2.3.1)
  rack-handlers (= 0.7.3)
  rack-test (= 0.6.3)
  rspec (= 3.6.0)
  rspec_junit_formatter (= 0.6.0)
  sinatra (= 2.2.0)
  unicorn (= 5.5.2)
  unicorn-rails (= 2.2.1)

BUNDLED WITH
   2.1.4
